STORAGE: NONE
RESTRICTION: || (== net6.0) (== netcoreapp3.1)
NUGET
  remote: https://api.nuget.org/v3/index.json
    AutoFac (7.1)
      System.Diagnostics.DiagnosticSource (>= 4.7.1)
    AutoMapper (12.0.1)
      Microsoft.CSharp (>= 4.7)
    AutoMapper.Extensions.Microsoft.DependencyInjection (12.0.1)
      AutoMapper (12.0.1)
      Microsoft.Extensions.Options (>= 6.0)
    Azure.Core (1.35) - restriction: || (== net6.0) (&& (== netcoreapp3.1) (>= net6.0))
      Microsoft.Bcl.AsyncInterfaces (>= 1.1.1)
      System.Diagnostics.DiagnosticSource (>= 6.0.1) - restriction: || (== net6.0) (&& (== netcoreapp3.1) (>= net461)) (&& (== netcoreapp3.1) (>= net5.0)) (&& (== netcoreapp3.1) (< netcoreapp2.1))
      System.Memory.Data (>= 1.0.2)
      System.Numerics.Vectors (>= 4.5)
      System.Text.Encodings.Web (>= 4.7.2)
      System.Text.Json (>= 4.7.2)
      System.Threading.Tasks.Extensions (>= 4.5.4)
    Azure.Identity (1.10) - restriction: || (== net6.0) (&& (== netcoreapp3.1) (>= net6.0))
      Azure.Core (>= 1.34)
      Microsoft.Identity.Client (>= 4.54.1)
      Microsoft.Identity.Client.Extensions.Msal (>= 2.31)
      System.Memory (>= 4.5.4)
      System.Security.Cryptography.ProtectedData (>= 4.7)
      System.Text.Json (>= 4.7.2)
      System.Threading.Tasks.Extensions (>= 4.5.4)
    Microsoft.Bcl.AsyncInterfaces (7.0)
    Microsoft.CSharp (4.7)
    Microsoft.Data.SqlClient (5.1.1) - restriction: || (== net6.0) (&& (== netcoreapp3.1) (>= net6.0))
      Azure.Identity (>= 1.7)
      Microsoft.Data.SqlClient.SNI.runtime (>= 5.1)
      Microsoft.Identity.Client (>= 4.47.2)
      Microsoft.IdentityModel.JsonWebTokens (>= 6.24)
      Microsoft.IdentityModel.Protocols.OpenIdConnect (>= 6.24)
      Microsoft.SqlServer.Server (>= 1.0)
      System.Configuration.ConfigurationManager (>= 6.0.1)
      System.Diagnostics.DiagnosticSource (>= 6.0) - restriction: || (== net6.0) (&& (== netcoreapp3.1) (>= net6.0))
      System.Runtime.Caching (>= 6.0)
      System.Security.Cryptography.Cng (>= 5.0)
      System.Security.Principal.Windows (>= 5.0)
      System.Text.Encoding.CodePages (>= 6.0)
      System.Text.Encodings.Web (>= 6.0)
    Microsoft.Data.SqlClient.SNI.runtime (5.1.1) - restriction: || (== net6.0) (&& (== netcoreapp3.1) (>= net6.0))
    Microsoft.EntityFrameworkCore (7.0.10)
      Microsoft.EntityFrameworkCore.Abstractions (>= 7.0.10) - restriction: || (== net6.0) (&& (== netcoreapp3.1) (>= net6.0))
      Microsoft.EntityFrameworkCore.Analyzers (>= 7.0.10) - restriction: || (== net6.0) (&& (== netcoreapp3.1) (>= net6.0))
      Microsoft.Extensions.Caching.Memory (>= 7.0) - restriction: || (== net6.0) (&& (== netcoreapp3.1) (>= net6.0))
      Microsoft.Extensions.DependencyInjection (>= 7.0) - restriction: || (== net6.0) (&& (== netcoreapp3.1) (>= net6.0))
      Microsoft.Extensions.Logging (>= 7.0) - restriction: || (== net6.0) (&& (== netcoreapp3.1) (>= net6.0))
    Microsoft.EntityFrameworkCore.Abstractions (7.0.10) - restriction: || (== net6.0) (&& (== netcoreapp3.1) (>= net6.0))
    Microsoft.EntityFrameworkCore.Analyzers (7.0.10) - restriction: || (== net6.0) (&& (== netcoreapp3.1) (>= net6.0))
    Microsoft.EntityFrameworkCore.Relational (7.0.10) - restriction: || (== net6.0) (&& (== netcoreapp3.1) (>= net6.0))
      Microsoft.EntityFrameworkCore (>= 7.0.10) - restriction: || (== net6.0) (&& (== netcoreapp3.1) (>= net6.0))
      Microsoft.Extensions.Configuration.Abstractions (>= 7.0) - restriction: || (== net6.0) (&& (== netcoreapp3.1) (>= net6.0))
    Microsoft.EntityFrameworkCore.SqlServer (7.0.10)
      Microsoft.Data.SqlClient (>= 5.0.2) - restriction: || (== net6.0) (&& (== netcoreapp3.1) (>= net6.0))
      Microsoft.EntityFrameworkCore.Relational (>= 7.0.10) - restriction: || (== net6.0) (&& (== netcoreapp3.1) (>= net6.0))
    Microsoft.Extensions.ApiDescription.Server (7.0.10)
    Microsoft.Extensions.Caching.Abstractions (7.0) - restriction: || (== net6.0) (&& (== netcoreapp3.1) (>= net6.0))
      Microsoft.Extensions.Primitives (>= 7.0)
    Microsoft.Extensions.Caching.Memory (7.0) - restriction: || (== net6.0) (&& (== netcoreapp3.1) (>= net6.0))
      Microsoft.Extensions.Caching.Abstractions (>= 7.0)
      Microsoft.Extensions.DependencyInjection.Abstractions (>= 7.0)
      Microsoft.Extensions.Logging.Abstractions (>= 7.0)
      Microsoft.Extensions.Options (>= 7.0)
      Microsoft.Extensions.Primitives (>= 7.0)
    Microsoft.Extensions.Configuration (7.0)
      Microsoft.Extensions.Configuration.Abstractions (>= 7.0)
      Microsoft.Extensions.Primitives (>= 7.0)
    Microsoft.Extensions.Configuration.Abstractions (7.0)
      Microsoft.Extensions.Primitives (>= 7.0)
    Microsoft.Extensions.Configuration.Binder (7.0.4)
      Microsoft.Extensions.Configuration.Abstractions (>= 7.0)
    Microsoft.Extensions.Configuration.CommandLine (7.0)
      Microsoft.Extensions.Configuration (>= 7.0)
      Microsoft.Extensions.Configuration.Abstractions (>= 7.0)
    Microsoft.Extensions.Configuration.EnvironmentVariables (7.0)
      Microsoft.Extensions.Configuration (>= 7.0)
      Microsoft.Extensions.Configuration.Abstractions (>= 7.0)
    Microsoft.Extensions.Configuration.FileExtensions (7.0)
      Microsoft.Extensions.Configuration (>= 7.0)
      Microsoft.Extensions.Configuration.Abstractions (>= 7.0)
      Microsoft.Extensions.FileProviders.Abstractions (>= 7.0)
      Microsoft.Extensions.FileProviders.Physical (>= 7.0)
      Microsoft.Extensions.Primitives (>= 7.0)
    Microsoft.Extensions.Configuration.Json (7.0)
      Microsoft.Extensions.Configuration (>= 7.0)
      Microsoft.Extensions.Configuration.Abstractions (>= 7.0)
      Microsoft.Extensions.Configuration.FileExtensions (>= 7.0)
      Microsoft.Extensions.FileProviders.Abstractions (>= 7.0)
      System.Text.Json (>= 7.0)
    Microsoft.Extensions.Configuration.UserSecrets (7.0)
      Microsoft.Extensions.Configuration.Abstractions (>= 7.0)
      Microsoft.Extensions.Configuration.Json (>= 7.0)
      Microsoft.Extensions.FileProviders.Abstractions (>= 7.0)
      Microsoft.Extensions.FileProviders.Physical (>= 7.0)
    Microsoft.Extensions.DependencyInjection (7.0)
      Microsoft.Extensions.DependencyInjection.Abstractions (>= 7.0)
    Microsoft.Extensions.DependencyInjection.Abstractions (7.0)
    Microsoft.Extensions.FileProviders.Abstractions (7.0)
      Microsoft.Extensions.Primitives (>= 7.0)
    Microsoft.Extensions.FileProviders.Physical (7.0)
      Microsoft.Extensions.FileProviders.Abstractions (>= 7.0)
      Microsoft.Extensions.FileSystemGlobbing (>= 7.0)
      Microsoft.Extensions.Primitives (>= 7.0)
    Microsoft.Extensions.FileSystemGlobbing (7.0)
    Microsoft.Extensions.Hosting (7.0.1)
      Microsoft.Extensions.Configuration (>= 7.0)
      Microsoft.Extensions.Configuration.Abstractions (>= 7.0)
      Microsoft.Extensions.Configuration.Binder (>= 7.0.3)
      Microsoft.Extensions.Configuration.CommandLine (>= 7.0)
      Microsoft.Extensions.Configuration.EnvironmentVariables (>= 7.0)
      Microsoft.Extensions.Configuration.FileExtensions (>= 7.0)
      Microsoft.Extensions.Configuration.Json (>= 7.0)
      Microsoft.Extensions.Configuration.UserSecrets (>= 7.0)
      Microsoft.Extensions.DependencyInjection (>= 7.0)
      Microsoft.Extensions.DependencyInjection.Abstractions (>= 7.0)
      Microsoft.Extensions.FileProviders.Abstractions (>= 7.0)
      Microsoft.Extensions.FileProviders.Physical (>= 7.0)
      Microsoft.Extensions.Hosting.Abstractions (>= 7.0)
      Microsoft.Extensions.Logging (>= 7.0)
      Microsoft.Extensions.Logging.Abstractions (>= 7.0)
      Microsoft.Extensions.Logging.Configuration (>= 7.0)
      Microsoft.Extensions.Logging.Console (>= 7.0)
      Microsoft.Extensions.Logging.Debug (>= 7.0)
      Microsoft.Extensions.Logging.EventLog (>= 7.0)
      Microsoft.Extensions.Logging.EventSource (>= 7.0)
      Microsoft.Extensions.Options (>= 7.0.1)
      System.Diagnostics.DiagnosticSource (>= 7.0.1)
    Microsoft.Extensions.Hosting.Abstractions (7.0)
      Microsoft.Extensions.Configuration.Abstractions (>= 7.0)
      Microsoft.Extensions.DependencyInjection.Abstractions (>= 7.0)
      Microsoft.Extensions.FileProviders.Abstractions (>= 7.0)
    Microsoft.Extensions.Logging (7.0)
      Microsoft.Extensions.DependencyInjection (>= 7.0)
      Microsoft.Extensions.DependencyInjection.Abstractions (>= 7.0)
      Microsoft.Extensions.Logging.Abstractions (>= 7.0)
      Microsoft.Extensions.Options (>= 7.0)
    Microsoft.Extensions.Logging.Abstractions (7.0)
      System.Buffers (>= 4.5.1) - restriction: || (&& (== net6.0) (>= net462)) (== netcoreapp3.1)
      System.Memory (>= 4.5.5) - restriction: || (&& (== net6.0) (>= net462)) (== netcoreapp3.1)
    Microsoft.Extensions.Logging.Configuration (7.0)
      Microsoft.Extensions.Configuration (>= 7.0)
      Microsoft.Extensions.Configuration.Abstractions (>= 7.0)
      Microsoft.Extensions.Configuration.Binder (>= 7.0)
      Microsoft.Extensions.DependencyInjection.Abstractions (>= 7.0)
      Microsoft.Extensions.Logging (>= 7.0)
      Microsoft.Extensions.Logging.Abstractions (>= 7.0)
      Microsoft.Extensions.Options (>= 7.0)
      Microsoft.Extensions.Options.ConfigurationExtensions (>= 7.0)
    Microsoft.Extensions.Logging.Console (7.0)
      Microsoft.Bcl.AsyncInterfaces (>= 7.0) - restriction: || (&& (== net6.0) (>= net462)) (== netcoreapp3.1)
      Microsoft.Extensions.DependencyInjection.Abstractions (>= 7.0)
      Microsoft.Extensions.Logging (>= 7.0)
      Microsoft.Extensions.Logging.Abstractions (>= 7.0)
      Microsoft.Extensions.Logging.Configuration (>= 7.0)
      Microsoft.Extensions.Options (>= 7.0)
      System.Buffers (>= 4.5.1) - restriction: || (&& (== net6.0) (>= net462)) (== netcoreapp3.1)
      System.Runtime.CompilerServices.Unsafe (>= 6.0) - restriction: || (== net6.0) (&& (== netcoreapp3.1) (>= net6.0))
      System.Text.Json (>= 7.0)
    Microsoft.Extensions.Logging.Debug (7.0)
      Microsoft.Extensions.DependencyInjection.Abstractions (>= 7.0)
      Microsoft.Extensions.Logging (>= 7.0)
      Microsoft.Extensions.Logging.Abstractions (>= 7.0)
    Microsoft.Extensions.Logging.EventLog (7.0)
      Microsoft.Extensions.DependencyInjection.Abstractions (>= 7.0)
      Microsoft.Extensions.Logging (>= 7.0)
      Microsoft.Extensions.Logging.Abstractions (>= 7.0)
      Microsoft.Extensions.Options (>= 7.0)
      System.Diagnostics.EventLog (>= 7.0)
    Microsoft.Extensions.Logging.EventSource (7.0)
      Microsoft.Bcl.AsyncInterfaces (>= 7.0) - restriction: || (&& (== net6.0) (>= net462)) (== netcoreapp3.1)
      Microsoft.Extensions.DependencyInjection.Abstractions (>= 7.0)
      Microsoft.Extensions.Logging (>= 7.0)
      Microsoft.Extensions.Logging.Abstractions (>= 7.0)
      Microsoft.Extensions.Options (>= 7.0)
      Microsoft.Extensions.Primitives (>= 7.0)
      System.Memory (>= 4.5.5) - restriction: || (&& (== net6.0) (>= net462)) (== netcoreapp3.1)
      System.Runtime.CompilerServices.Unsafe (>= 6.0)
      System.Text.Json (>= 7.0)
    Microsoft.Extensions.Options (7.0.1)
      Microsoft.Extensions.DependencyInjection.Abstractions (>= 7.0)
      Microsoft.Extensions.Primitives (>= 7.0)
    Microsoft.Extensions.Options.ConfigurationExtensions (7.0)
      Microsoft.Extensions.Configuration.Abstractions (>= 7.0)
      Microsoft.Extensions.Configuration.Binder (>= 7.0)
      Microsoft.Extensions.DependencyInjection.Abstractions (>= 7.0)
      Microsoft.Extensions.Options (>= 7.0)
      Microsoft.Extensions.Primitives (>= 7.0)
    Microsoft.Extensions.Primitives (7.0)
      System.Memory (>= 4.5.5) - restriction: || (&& (== net6.0) (>= net462)) (== netcoreapp3.1)
      System.Runtime.CompilerServices.Unsafe (>= 6.0)
    Microsoft.Identity.Client (4.56) - restriction: || (== net6.0) (&& (== netcoreapp3.1) (>= net6.0))
      Microsoft.IdentityModel.Abstractions (>= 6.22)
    Microsoft.Identity.Client.Extensions.Msal (4.56) - restriction: || (== net6.0) (&& (== netcoreapp3.1) (>= net6.0))
      Microsoft.Identity.Client (>= 4.56)
      System.IO.FileSystem.AccessControl (>= 5.0)
      System.Security.Cryptography.ProtectedData (>= 4.5)
    Microsoft.IdentityModel.Abstractions (6.32.3) - restriction: || (== net6.0) (&& (== netcoreapp3.1) (>= net6.0)) (&& (== netcoreapp3.1) (>= net6.0-android)) (&& (== netcoreapp3.1) (>= net6.0-ios)) (&& (== netcoreapp3.1) (>= net6.0-windows7.0))
    Microsoft.IdentityModel.JsonWebTokens (6.32.3) - restriction: || (== net6.0) (&& (== netcoreapp3.1) (>= net6.0))
      Microsoft.IdentityModel.Tokens (>= 6.32.3)
      System.Text.Encoding (>= 4.3)
      System.Text.Encodings.Web (>= 4.7.2)
      System.Text.Json (>= 4.7.2)
    Microsoft.IdentityModel.Logging (6.32.3) - restriction: || (== net6.0) (&& (== netcoreapp3.1) (>= net6.0))
      Microsoft.IdentityModel.Abstractions (>= 6.32.3)
    Microsoft.IdentityModel.Protocols (6.32.3) - restriction: || (== net6.0) (&& (== netcoreapp3.1) (>= net6.0))
      Microsoft.IdentityModel.Logging (>= 6.32.3)
      Microsoft.IdentityModel.Tokens (>= 6.32.3)
    Microsoft.IdentityModel.Protocols.OpenIdConnect (6.32.3) - restriction: || (== net6.0) (&& (== netcoreapp3.1) (>= net6.0))
      Microsoft.IdentityModel.Protocols (>= 6.32.3)
      System.IdentityModel.Tokens.Jwt (>= 6.32.3)
    Microsoft.IdentityModel.Tokens (6.32.3) - restriction: || (== net6.0) (&& (== netcoreapp3.1) (>= net6.0))
      Microsoft.CSharp (>= 4.5)
      Microsoft.IdentityModel.Logging (>= 6.32.3)
      System.Security.Cryptography.Cng (>= 4.5)
    Microsoft.NET.Build.Containers (7.0.401)
    Microsoft.NETCore.Platforms (7.0.4) - restriction: || (== net6.0) (&& (== netcoreapp3.1) (>= net6.0))
    Microsoft.NETCore.Targets (5.0) - restriction: || (== net6.0) (&& (== netcoreapp3.1) (>= net6.0))
    Microsoft.OpenApi (1.6.8)
    Microsoft.SqlServer.Server (1.0) - restriction: || (== net6.0) (&& (== netcoreapp3.1) (>= net6.0))
    Microsoft.VisualStudio.Azure.Containers.Tools.Targets (1.19.5)
    Microsoft.Win32.SystemEvents (7.0) - restriction: || (== net6.0) (&& (== netcoreapp3.1) (>= net6.0))
    Swashbuckle.AspNetCore (6.5)
      Microsoft.Extensions.ApiDescription.Server (>= 6.0.5)
      Swashbuckle.AspNetCore.Swagger (>= 6.5)
      Swashbuckle.AspNetCore.SwaggerGen (>= 6.5)
      Swashbuckle.AspNetCore.SwaggerUI (>= 6.5)
    Swashbuckle.AspNetCore.Swagger (6.5)
      Microsoft.OpenApi (>= 1.2.3)
    Swashbuckle.AspNetCore.SwaggerGen (6.5)
      Swashbuckle.AspNetCore.Swagger (>= 6.5)
    Swashbuckle.AspNetCore.SwaggerUI (6.5)
    System.Buffers (4.5.1) - restriction: || (&& (== net6.0) (>= net462)) (== netcoreapp3.1)
    System.Configuration.ConfigurationManager (7.0) - restriction: || (== net6.0) (&& (== netcoreapp3.1) (>= net6.0))
      System.Security.Cryptography.ProtectedData (>= 7.0)
      System.Security.Permissions (>= 7.0)
    System.Diagnostics.DiagnosticSource (7.0.2)
      System.Memory (>= 4.5.5) - restriction: || (&& (== net6.0) (>= net462)) (== netcoreapp3.1)
      System.Runtime.CompilerServices.Unsafe (>= 6.0)
    System.Diagnostics.EventLog (7.0)
      System.Security.Principal.Windows (>= 5.0) - restriction: || (&& (== net6.0) (>= net462)) (== netcoreapp3.1)
    System.Drawing.Common (7.0) - restriction: || (== net6.0) (&& (== netcoreapp3.1) (>= net6.0))
      Microsoft.Win32.SystemEvents (>= 7.0) - restriction: || (== net6.0) (&& (== netcoreapp3.1) (>= net6.0))
    System.Formats.Asn1 (7.0) - restriction: || (== net6.0) (&& (== netcoreapp3.1) (>= net6.0))
    System.IdentityModel.Tokens.Jwt (6.32.3) - restriction: || (== net6.0) (&& (== netcoreapp3.1) (>= net6.0))
      Microsoft.IdentityModel.JsonWebTokens (>= 6.32.3)
      Microsoft.IdentityModel.Tokens (>= 6.32.3)
    System.IO.FileSystem.AccessControl (5.0) - restriction: || (== net6.0) (&& (== netcoreapp3.1) (>= net6.0))
      System.Security.AccessControl (>= 5.0)
      System.Security.Principal.Windows (>= 5.0)
    System.Memory (4.5.5)
    System.Memory.Data (7.0) - restriction: || (== net6.0) (&& (== netcoreapp3.1) (>= net6.0))
      System.Text.Json (>= 7.0)
    System.Numerics.Vectors (4.5)
    System.Runtime (4.3.1) - restriction: || (== net6.0) (&& (== netcoreapp3.1) (>= net6.0))
      Microsoft.NETCore.Platforms (>= 1.1.1)
      Microsoft.NETCore.Targets (>= 1.1.3)
    System.Runtime.Caching (7.0) - restriction: || (== net6.0) (&& (== netcoreapp3.1) (>= net6.0))
      System.Configuration.ConfigurationManager (>= 7.0)
    System.Runtime.CompilerServices.Unsafe (6.0)
    System.Security.AccessControl (6.0) - restriction: || (== net6.0) (&& (== netcoreapp3.1) (>= net6.0))
    System.Security.Cryptography.Cng (5.0) - restriction: || (== net6.0) (&& (== netcoreapp3.1) (>= net6.0))
      System.Formats.Asn1 (>= 5.0)
    System.Security.Cryptography.ProtectedData (7.0.1) - restriction: || (== net6.0) (&& (== netcoreapp3.1) (>= net6.0))
    System.Security.Permissions (7.0) - restriction: || (== net6.0) (&& (== netcoreapp3.1) (>= net6.0))
      System.Windows.Extensions (>= 7.0) - restriction: || (== net6.0) (&& (== netcoreapp3.1) (>= net6.0))
    System.Security.Principal.Windows (5.0)
    System.Text.Encoding (4.3) - restriction: || (== net6.0) (&& (== netcoreapp3.1) (>= net6.0))
      Microsoft.NETCore.Platforms (>= 1.1)
      Microsoft.NETCore.Targets (>= 1.1)
      System.Runtime (>= 4.3)
    System.Text.Encoding.CodePages (7.0) - restriction: || (== net6.0) (&& (== netcoreapp3.1) (>= net6.0))
      System.Runtime.CompilerServices.Unsafe (>= 6.0)
    System.Text.Encodings.Web (7.0)
      System.Runtime.CompilerServices.Unsafe (>= 6.0)
    System.Text.Json (7.0.3)
      Microsoft.Bcl.AsyncInterfaces (>= 7.0) - restriction: || (&& (== net6.0) (>= net462)) (== netcoreapp3.1)
      System.Buffers (>= 4.5.1) - restriction: || (&& (== net6.0) (>= net462)) (== netcoreapp3.1)
      System.Memory (>= 4.5.5) - restriction: || (&& (== net6.0) (>= net462)) (== netcoreapp3.1)
      System.Numerics.Vectors (>= 4.5) - restriction: || (&& (== net6.0) (>= net462)) (== netcoreapp3.1)
      System.Runtime.CompilerServices.Unsafe (>= 6.0)
      System.Text.Encodings.Web (>= 7.0)
      System.Threading.Tasks.Extensions (>= 4.5.4) - restriction: || (&& (== net6.0) (>= net462)) (== netcoreapp3.1)
    System.Threading.Tasks.Extensions (4.5.4)
    System.Windows.Extensions (7.0) - restriction: || (== net6.0) (&& (== netcoreapp3.1) (>= net6.0))
      System.Drawing.Common (>= 7.0) - restriction: || (== net6.0) (&& (== netcoreapp3.1) (>= net6.0))

GROUP Tests
RESTRICTION: || (== net6.0) (== netcoreapp3.1)
NUGET
  remote: https://api.nuget.org/v3/index.json
    Castle.Core (5.1.1)
      System.Diagnostics.EventLog (>= 4.7) - restriction: || (&& (== net6.0) (< netstandard2.1)) (== netcoreapp3.1)
      System.Diagnostics.EventLog (>= 6.0) - restriction: || (== net6.0) (&& (== netcoreapp3.1) (>= net6.0))
    coverlet.collector (3.2)
    FluentAssertions (6.12)
      System.Configuration.ConfigurationManager (>= 4.4)
    Microsoft.CodeCoverage (17.7.2)
    Microsoft.Net.Test.Sdk (17.7.2)
      Microsoft.CodeCoverage (>= 17.7.2)
      Microsoft.TestPlatform.TestHost (>= 17.7.2)
    Microsoft.NETCore.Platforms (7.0.4)
    Microsoft.TestPlatform.ObjectModel (17.7.2)
      NuGet.Frameworks (>= 6.5)
      System.Reflection.Metadata (>= 1.6)
    Microsoft.TestPlatform.TestHost (17.7.2)
      Microsoft.TestPlatform.ObjectModel (>= 17.7.2)
      Newtonsoft.Json (>= 13.0.1)
    Microsoft.Win32.SystemEvents (7.0) - restriction: || (== net6.0) (&& (== netcoreapp3.1) (>= net6.0))
    Moq (4.20.69)
      Castle.Core (>= 5.1.1)
    NETStandard.Library (2.0.3)
      Microsoft.NETCore.Platforms (>= 1.1)
    Newtonsoft.Json (13.0.3)
    NuGet.Frameworks (6.7)
    NUnit (3.13.3)
      NETStandard.Library (>= 2.0)
    NUnit3TestAdapter (4.5)
    System.Collections.Immutable (7.0)
      System.Memory (>= 4.5.5) - restriction: || (&& (== net6.0) (>= net462)) (== netcoreapp3.1)
      System.Runtime.CompilerServices.Unsafe (>= 6.0)
    System.Configuration.ConfigurationManager (7.0)
      System.Security.Cryptography.ProtectedData (>= 7.0)
      System.Security.Permissions (>= 7.0)
    System.Diagnostics.EventLog (7.0)
      System.Security.Principal.Windows (>= 5.0) - restriction: || (&& (== net6.0) (>= net462)) (== netcoreapp3.1)
    System.Drawing.Common (7.0) - restriction: || (== net6.0) (&& (== netcoreapp3.1) (>= net6.0))
      Microsoft.Win32.SystemEvents (>= 7.0) - restriction: || (== net6.0) (&& (== netcoreapp3.1) (>= net6.0))
    System.Memory (4.5.5) - restriction: == netcoreapp3.1
    System.Reflection.Metadata (7.0.2)
      System.Collections.Immutable (>= 7.0)
      System.Memory (>= 4.5.5) - restriction: || (&& (== net6.0) (>= net462)) (== netcoreapp3.1)
    System.Runtime.CompilerServices.Unsafe (6.0)
    System.Security.AccessControl (6.0) - restriction: || (&& (== net6.0) (>= net462)) (== netcoreapp3.1)
      System.Security.Principal.Windows (>= 5.0) - restriction: || (&& (== net6.0) (>= net461)) (== netcoreapp3.1)
    System.Security.Cryptography.ProtectedData (7.0.1)
      System.Memory (>= 4.5.5) - restriction: == netcoreapp3.1
    System.Security.Permissions (7.0)
      System.Security.AccessControl (>= 6.0) - restriction: || (&& (== net6.0) (>= net462)) (== netcoreapp3.1)
      System.Windows.Extensions (>= 7.0) - restriction: || (== net6.0) (&& (== netcoreapp3.1) (>= net6.0))
    System.Security.Principal.Windows (5.0) - restriction: || (&& (== net6.0) (>= net462)) (== netcoreapp3.1)
    System.Windows.Extensions (7.0) - restriction: || (== net6.0) (&& (== netcoreapp3.1) (>= net6.0))
      System.Drawing.Common (>= 7.0) - restriction: || (== net6.0) (&& (== netcoreapp3.1) (>= net6.0))
